GIT
  remote: git://github.com/mylesmegyesi/dev-vm-builder.git
  revision: 8fe7c774590b60aa0715b1e49632338abfaef0f2
  specs:
    dev-vm-builder (0.0.1)
      thor (~> 0.18.1)

GEM
  remote: https://rubygems.org/
  specs:
    thor (0.18.1)

PLATFORMS
  ruby

DEPENDENCIES
  dev-vm-builder!
