GIT
  remote: git://github.com/mylesmegyesi/dev-vm-builder.git
  revision: 6a1aec7239a6710f95557ddfe8508011b795cd57
  specs:
    dev-vm-builder (0.0.1)
      thor (~> 0.18.1)

GEM
  remote: https://rubygems.org/
  specs:
    thor (0.18.1)

PLATFORMS
  ruby

DEPENDENCIES
  dev-vm-builder!
