GIT
  remote: git://github.com/mylesmegyesi/dev-vm-builder.git
  revision: f66e87a86e590fee22a2d172878bdfb14256a5fe
  specs:
    dev-vm-builder (0.0.1)
      thor (~> 0.18.1)

GEM
  remote: https://rubygems.org/
  specs:
    thor (0.18.1)

PLATFORMS
  ruby

DEPENDENCIES
  dev-vm-builder!
